PATH
  remote: .
  specs:
    ht (0.0.1)
      i18n (~> 0.5)

GEM
  remote: http://rubygems.org/
  specs:
    i18n (0.5.0)
    mocha (0.9.12)
    test_declarative (0.0.5)

PLATFORMS
  ruby

DEPENDENCIES
  ht!
  i18n (~> 0.5)
  mocha
  test_declarative
